GEM
  specs:
    haml (3.1.2)
    rake (0.9.2)

PLATFORMS
  ruby

DEPENDENCIES
  haml
  rake
